PATH
  remote: .
  specs:
    activeadmin-blog (0.4.4)
      activeadmin-mongoid-reorder
      activeadmin-settings
      nokogiri
      stringex

GEM
  remote: https://rubygems.org/
  specs:
    activeadmin-mongoid-reorder (0.2.1)
    activeadmin-settings (0.3.4)
      mongoid_globalize
    activemodel (3.2.8)
      activesupport (= 3.2.8)
      builder (~> 3.0.0)
    activesupport (3.2.8)
      i18n (~> 0.6)
      multi_json (~> 1.0)
    bson (1.7.0)
    bson_ext (1.7.0)
      bson (~> 1.7.0)
    builder (3.0.0)
    i18n (0.6.0)
    mongo (1.3.1)
      bson (>= 1.3.1)
    mongoid (2.4.12)
      activemodel (~> 3.1)
      mongo (<= 1.6.2)
      tzinfo (~> 0.3.22)
    mongoid_globalize (0.2.1)
      bson_ext (~> 1.5)
      mongoid (~> 2.4)
    multi_json (1.3.6)
    nokogiri (1.5.5)
    stringex (1.4.0)
    tzinfo (0.3.33)

PLATFORMS
  ruby

DEPENDENCIES
  activeadmin-blog!
